GIT
  remote: https://github.com/lenage/aegisubkit.git
  revision: 7a123451c4c2e8b0fa061b536529523e895a28e2
  specs:
    aegisubkit (0.2.1)
      treetop (~> 1.6.2)

GEM
  remote: https://rubygems.org/
  specs:
    polyglot (0.3.5)
    srt (0.1.5)
    treetop (1.6.12)
      polyglot (~> 0.3)

PLATFORMS
  arm64-darwin-23

DEPENDENCIES
  aegisubkit!
  srt

BUNDLED WITH
   2.4.10
